GEM
  remote: https://rubygems.org/
  specs:
    ast (2.4.2)
    parser (3.2.0.0)
      ast (~> 2.4.1)
    rubocop-ast (1.24.1)
      parser (>= 3.1.1.0)

PLATFORMS
  x86_64-darwin-22

DEPENDENCIES
  rubocop-ast

BUNDLED WITH
   2.3.10
